GEM
  remote: https://rubygems.org/
  specs:
    domain_name (0.5.20170404)
      unf (>= 0.0.5, < 1.0.0)
    http-cookie (1.0.3)
      domain_name (~> 0.5)
    mime-types (3.1)
      mime-types-data (~> 3.2015)
    mime-types-data (3.2016.0521)
    netrc (0.11.0)
    rake (12.3.0)
    rest-client (2.0.2)
      http-cookie (>= 1.0.2, < 2.0)
      mime-types (>= 1.16, < 4.0)
      netrc (~> 0.8)
    slugify (1.0.7)
    unf (0.1.4-java)
    yard (0.9.12)

PLATFORMS
  java

DEPENDENCIES
  rake (~> 12.3.0)
  rest-client (~> 2.0.2)
  slugify (~> 1.0.7)
  yard (~> 0.9.12)

BUNDLED WITH
   1.16.0
