GEM
  remote: https://rubygems.org/
  specs:
    mime-types (3.1)
      mime-types-data (~> 3.2015)
    mime-types-data (3.2016.0521)
    multipart-post (2.0.0)
    rake (12.3.0)
    slugify (1.0.7)
    yard (0.9.12)

PLATFORMS
  java

DEPENDENCIES
  mime-types (~> 3.1)
  multipart-post (~> 2.0.0)
  rake (~> 12.3.0)
  slugify (~> 1.0.7)
  yard (~> 0.9.12)

RUBY VERSION
   ruby 2.3.3p0 (jruby 9.1.9.0)

BUNDLED WITH
   1.16.0
