GEM
  remote: https://rubygems.org/
  specs:
    rake (12.3.0)
    yard (0.9.12)

PLATFORMS
  java

DEPENDENCIES
  rake (~> 12.3.0)
  yard (~> 0.9.12)

RUBY VERSION
   ruby 2.3.3p0 (jruby 9.1.9.0)

BUNDLED WITH
   1.16.1
